PATH
  remote: .
  specs:
    resume (0.3.4)
      activesupport (>= 3.2)
      clbustos-rtf
      nokogiri
      prawn (~> 1.0.0)
      prawn-grouping
      thor
      time_difference (~> 0.2.0)

GEM
  remote: https://rubygems.org/
  specs:
    Ascii85 (1.0.2)
    activesupport (4.1.0)
      i18n (~> 0.6, >= 0.6.9)
      json (~> 1.7, >= 1.7.7)
      minitest (~> 5.1)
      thread_safe (~> 0.1)
      tzinfo (~> 1.1)
    afm (0.2.0)
    clbustos-rtf (0.5.0)
    diff-lcs (1.2.5)
    docile (1.1.3)
    factory_girl (4.4.0)
      activesupport (>= 3.0.0)
    hashery (2.1.1)
    i18n (0.6.9)
    json (1.8.1)
    mini_portile2 (2.0.0)
    minitest (5.3.3)
    multi_json (1.9.3)
    nokogiri (1.6.7.2)
      mini_portile2 (~> 2.0.0.rc2)
    pdf-core (0.2.5)
    pdf-inspector (1.1.0)
      pdf-reader (~> 1.0)
    pdf-reader (1.3.3)
      Ascii85 (~> 1.0.0)
      afm (~> 0.2.0)
      hashery (~> 2.0)
      ruby-rc4
      ttfunk
    prawn (1.0.0)
      pdf-core (~> 0.2.2)
      ttfunk (~> 1.1.1)
    prawn-grouping (0.1.1)
      prawn (~> 1.0.0)
    rspec (2.14.1)
      rspec-core (~> 2.14.0)
      rspec-expectations (~> 2.14.0)
      rspec-mocks (~> 2.14.0)
    rspec-core (2.14.8)
    rspec-expectations (2.14.5)
      diff-lcs (>= 1.1.3, < 2.0)
    rspec-mocks (2.14.6)
    ruby-rc4 (0.1.5)
    simplecov (0.8.2)
      docile (~> 1.1.0)
      multi_json
      simplecov-html (~> 0.8.0)
    simplecov-html (0.8.0)
    thor (0.19.1)
    thread_safe (0.3.3)
    time_difference (0.2.0)
      activesupport
    ttfunk (1.1.1)
    tzinfo (1.1.0)
      thread_safe (~> 0.1)

PLATFORMS
  ruby

DEPENDENCIES
  factory_girl
  pdf-inspector
  resume!
  rspec
  simplecov

BUNDLED WITH
   1.11.2
