PATH
  remote: .
  specs:
    resume (0.1.0)
      prawn
      time_difference (~> 0.2.0)

GEM
  remote: https://rubygems.org/
  specs:
    Ascii85 (1.0.2)
    activesupport (4.0.0)
      i18n (~> 0.6, >= 0.6.4)
      minitest (~> 4.2)
      multi_json (~> 1.3)
      thread_safe (~> 0.1)
      tzinfo (~> 0.3.37)
    afm (0.2.0)
    atomic (1.1.13)
    hashery (2.1.0)
    i18n (0.6.5)
    minitest (4.7.5)
    multi_json (1.7.9)
    pdf-reader (1.3.3)
      Ascii85 (~> 1.0.0)
      afm (~> 0.2.0)
      hashery (~> 2.0)
      ruby-rc4
      ttfunk
    prawn (0.12.0)
      pdf-reader (>= 0.9.0)
      ttfunk (~> 1.0.2)
    ruby-rc4 (0.1.5)
    thread_safe (0.1.2)
      atomic
    time_difference (0.2.0)
      activesupport
    ttfunk (1.0.3)
    tzinfo (0.3.37)

PLATFORMS
  ruby

DEPENDENCIES
  prawn
  resume!
  time_difference (~> 0.2.0)
